GEM
  remote: https://rubygems.org/
  specs:
    bcrypt_pbkdf (1.1.1-arm64-darwin)
    ed25519 (1.3.0)
    net-http (0.4.1)
      uri
    net-ssh (7.3.0)
    net-ssh-gateway (2.0.0)
      net-ssh (>= 4.0.0)
    pg (1.5.8)
    uri (0.13.1)

PLATFORMS
  arm64-darwin-22

DEPENDENCIES
  bcrypt_pbkdf
  ed25519
  net-http (~> 0.4.1)
  net-ssh-gateway
  pg

BUNDLED WITH
   2.3.10
